PATH
  remote: .
  specs:
    bcrypt-ruby (3.0.1)

GEM
  remote: http://rubygems.org/
  specs:
    diff-lcs (1.1.2)
    rake (13.0.1)
    rake-compiler (0.7.5)
      rake
    rspec (2.5.0)
      rspec-core (~> 2.5.0)
      rspec-expectations (~> 2.5.0)
      rspec-mocks (~> 2.5.0)
    rspec-core (2.5.1)
    rspec-expectations (2.5.0)
      diff-lcs (~> 1.1.2)
    rspec-mocks (2.5.0)

PLATFORMS
  java
  ruby

DEPENDENCIES
  bcrypt-ruby!
  rake-compiler
  rspec
